GEM
  remote: https://rubygems.org/
  specs:
    json (2.1.0)
    mini_portile2 (2.3.0)
    nokogiri (1.8.1)
      mini_portile2 (~> 2.3.0)
    rake (12.1.0)
    roo (2.7.1)
      nokogiri (~> 1)
      rubyzip (~> 1.1, < 2.0.0)
    rubyzip (1.2.1)
    webrick (1.3.1)

PLATFORMS
  ruby

DEPENDENCIES
  json
  nokogiri
  rake
  roo
  webrick

BUNDLED WITH
   1.13.7
